GEM
  remote: http://rubygems.org/
  specs:
    addressable (2.3.6)
    builder (3.2.2)
    coderay (1.1.0)
    descendants_tracker (0.0.4)
      thread_safe (~> 0.3, >= 0.3.1)
    diff-lcs (1.1.3)
    docile (1.1.5)
    faraday (0.9.1)
      multipart-post (>= 1.2, < 3)
    git (1.2.9.1)
    github_api (0.12.2)
      addressable (~> 2.3)
      descendants_tracker (~> 0.0.4)
      faraday (~> 0.8, < 0.10)
      hashie (>= 3.3)
      multi_json (>= 1.7.5, < 2.0)
      nokogiri (~> 1.6.3)
      oauth2
    gitlab (3.3.0)
      httparty
      terminal-table
    hashie (3.3.2)
    highline (1.6.21)
    httparty (0.13.3)
      json (~> 1.8)
      multi_xml (>= 0.5.2)
    jeweler (2.0.1)
      builder
      bundler (>= 1.0)
      git (>= 1.2.5)
      github_api
      highline (>= 1.6.15)
      nokogiri (>= 1.5.10)
      rake
      rdoc
    json (1.8.6)
    jwt (1.2.1)
    method_source (0.8.2)
    mini_portile (0.6.2)
    multi_json (1.10.1)
    multi_xml (0.5.5)
    multipart-post (2.0.0)
    nokogiri (1.6.6.2)
      mini_portile (~> 0.6.0)
    oauth2 (1.0.0)
      faraday (>= 0.8, < 0.10)
      jwt (~> 1.0)
      multi_json (~> 1.3)
      multi_xml (~> 0.5)
      rack (~> 1.2)
    pry (0.10.1)
      coderay (~> 1.1.0)
      method_source (~> 0.8.1)
      slop (~> 3.4)
    rack (1.6.0)
    rake (10.4.2)
    rdoc (6.3.1)
    rspec (2.8.0)
      rspec-core (~> 2.8.0)
      rspec-expectations (~> 2.8.0)
      rspec-mocks (~> 2.8.0)
    rspec-core (2.8.0)
    rspec-expectations (2.8.0)
      diff-lcs (~> 1.1.2)
    rspec-mocks (2.8.0)
    simplecov (0.9.1)
      docile (~> 1.1.0)
      multi_json (~> 1.0)
      simplecov-html (~> 0.8.0)
    simplecov-html (0.8.0)
    slop (3.6.0)
    terminal-table (1.4.5)
    thread_safe (0.3.4)

PLATFORMS
  ruby

DEPENDENCIES
  bundler (~> 1.0)
  gitlab (~> 3.3)
  jeweler (~> 2.0.1)
  pry
  rdoc (~> 6.3)
  rspec (~> 2.8.0)
  simplecov
